PATH
  remote: .
  specs:
    mongoid-embedded-errors (2.0.2.webmedia)
      active_model-errors_details (>= 1.2.0)
      mongoid (>= 3.0.0)

GEM
  remote: https://rubygems.org/
  specs:
    active_model-errors_details (1.2.0)
      activemodel (>= 3.2.13, < 5.0.0.alpha)
      activesupport
    activemodel (4.2.3)
      activesupport (= 4.2.3)
      builder (~> 3.1)
    activesupport (4.2.3)
      i18n (~> 0.7)
      json (~> 1.7, >= 1.7.7)
      minitest (~> 5.1)
      thread_safe (~> 0.3, >= 0.3.4)
      tzinfo (~> 1.1)
    bson (3.2.1)
    builder (3.2.2)
    connection_pool (2.2.0)
    database_cleaner (0.9.1)
    diff-lcs (1.1.3)
    i18n (0.7.0)
    json (1.8.3)
    minitest (5.7.0)
    mongoid (4.0.2)
      activemodel (~> 4.0)
      moped (~> 2.0.0)
      origin (~> 2.1)
      tzinfo (>= 0.3.37)
    moped (2.0.6)
      bson (~> 3.0)
      connection_pool (~> 2.0)
      optionable (~> 0.2.0)
    optionable (0.2.0)
    origin (2.1.1)
    rspec (2.11.0)
      rspec-core (~> 2.11.0)
      rspec-expectations (~> 2.11.0)
      rspec-mocks (~> 2.11.0)
    rspec-core (2.11.1)
    rspec-expectations (2.11.3)
      diff-lcs (~> 1.1.3)
    rspec-mocks (2.11.3)
    thread_safe (0.3.5)
    tzinfo (1.2.2)
      thread_safe (~> 0.1)

PLATFORMS
  ruby

DEPENDENCIES
  database_cleaner
  mongoid-embedded-errors!
  rspec

BUNDLED WITH
   1.10.5
